GEM
  remote: https://rubygems.org/
  specs:
    backports (3.11.0)
    multi_json (1.12.2)
    mustermann (1.0.1)
    rack (2.0.3)
    rack-protection (2.0.0)
      rack
    sequel (5.3.0)
    sinatra (2.0.0)
      mustermann (~> 1.0)
      rack (~> 2.0)
      rack-protection (= 2.0.0)
      tilt (~> 2.0)
    sinatra-contrib (2.0.0)
      backports (>= 2.0)
      multi_json
      mustermann (~> 1.0)
      rack-protection (= 2.0.0)
      sinatra (= 2.0.0)
      tilt (>= 1.3, < 3)
    sinatra-cross_origin (0.4.0)
    sinatra-sequel (0.9.0)
      sequel (>= 3.2.0)
      sinatra (>= 0.9.4)
    tilt (2.0.8)

PLATFORMS
  ruby

DEPENDENCIES
  sinatra
  sinatra-contrib
  sinatra-cross_origin
  sinatra-sequel

RUBY VERSION
   ruby 2.4.1p111

BUNDLED WITH
   1.15.4
